{"ManufacturersModelName": "BioSpec 70/30", "MagneticFieldStrength": 7.05368308598518, "GradientSetType": "S116", "CoilConfigName": "HWIDS_T12053V3_0056_T11483V3_0075", "MatrixCoilMode": "ParallelExperiment", "PulseSequenceType": "EPI.ppg", "ScanningSequence": "EPI (pvm)", "ScanOptions": {"RG": null, "CG": null, "PFF": null, "PFP": null, "FC": null, "SP": "On", "FP": null}, "SequenceName": "AA_EPI-T2star-FOVsat_23Aug2021", "PulseSequenceDetails": "AA_EPI-T2star-FOVsat_23Aug2021", "ParallelReductionFactorInPlane": 1, "EffectiveEchoSpacing": 6.3072463768115914e-06, "TotalReadoutTime": 0.0002901333333333332, "EchoTime": 0.017, "SliceTiming": [0.0, 0.00011111111111111112, 0.00022222222222222223, 0.0003333333333333334, 0.00044444444444444447, 0.0005555555555555556, 0.0006666666666666668, 0.0007777777777777778, 0.0008888888888888889, 5.555555555555556e-05, 0.0001666666666666667, 0.0002777777777777778, 0.0003888888888888889, 0.0005, 0.0006111111111111111, 0.0007222222222222223, 0.0008333333333333334, 0.0009444444444444445], "DwellTime": 0.0002901333333333332, "FlipAngle": 55, "CogAtlasID": "https://www.cognitiveatlas.org/fillYourID", "CogPOID": "http://www.cogpo.org/fillYourID", "RepetitionTime": 1}