{"Markings": "8", "Age": "9-10weeks", "Weight": 180.4, "Sex": "female", "Date": "20211122", "Scanner": "9.4T", "Dataset": "s_2021112202", "Workprotocol": "5005_1_04", "Modality": "MR", "MagneticFieldStrength": "9.4T", "ImagingFrequency": 400.0634536, "ScanningSequence": "isimsgeepi2Dmultirat", "ProtocolName": "multirat_rsfMRI", "AcquisitionTimeStart": "20211122T135042", "AcquisitionTimeFinish": "20211122T140733", "AcquisitionTimeRun": "", "SliceThickness": 1, "SlicePosition": [-1.064, -0.844, -0.624, -0.404, -0.184, 0.036, 0.256, 0.476, 0.696, -0.954, -0.734, -0.514, -0.294, -0.074, 0.146, 0.366, 0.586, 0.806], "EchoTime": 0.015, "EchoTrainLength": 1, "FlipAngle": 53, "CoilString": "helmholtzhb", "FOVread": 2.56, "FOVphase": 2.56, "NrReadPoints": 6744, "PhaseEncodingSteps": 0, "NumberOfImages": 1000, "Bandwidth": 250000, "ImageOrientation": "trans90", "TotalReadOutTimeEPI": 0.026976, "TimeToEchoEPI": 0.013814, "GradientPattern": "205_ss256_256fov250ax90a64_64l_RO", "RepetitionTime": 1}