{"Manufacturer": "Bruker BioSpin MRI GmbH", "ManufacturersModelName": "BioSpec 70/16", "SoftwareVersion": "6.0.1", "MagneticFieldStrength": 7.054129649053552, "MatrixCoilMode": "ParallelExperiment", "PulseSequenceType": "EPI.ppg", "ScanningSequence": "Bruker:EPI", "SequenceVariant": "Both", "ScanOptions": {"RG": "No", "CG": "No", "PFF": 1, "PFP": 1.33, "FC": "FlowNone", "SP": "On", "FP": "FatSuppression"}, "SequenceName": "T2star_FID_EPI", "PulseSequenceDetails": "T2star_FID_EPI_rsfMRI (E5)", "NonlinearGradientCorrection": "RectilinearTraversal", "NumberShots": 1, "ParallelReductionFactorInPlane": 1, "PartialFourier": [1, 1.33], "EffectiveEchoSpacing": 6.0444444444444415e-06, "TotalReadoutTime": 0.0002901333333333332, "EchoTime": 0.017, "SliceTiming": [0.0, 0.00011111111111111112, 0.00022222222222222223, 0.0003333333333333334, 0.00044444444444444447, 0.0005555555555555556, 0.0006666666666666668, 0.0007777777777777778, 0.0008888888888888889, 5.555555555555556e-05, 0.0001666666666666667, 0.0002777777777777778, 0.0003888888888888889, 0.0005, 0.0006111111111111111, 0.0007222222222222223, 0.0008333333333333334, 0.0009444444444444445], "SliceEncodingDirection": "k", "DwellTime": 0.0002901333333333332, "FlipAngle": 55, "RepetitionTime": 1}