{"Manufacturer": "Bruker BioSpin MRI GmbH", "ManufacturersModelName": "BAP94/21", "SoftwareVersion": "PV-360.3.1", "MagneticFieldStrength": 9.403193064677565, "ReceiveCoilName": "RF ARR 400 1H Rat Brain LIN RO", "ReceiveCoilActiveElements": "MULTICOIL", "MatrixCoilMode": "SingleExperiment", "PulseSequenceType": "EPI.ppg", "ScanningSequence": "Bruker:EPI", "SequenceVariant": "Both", "ScanOptions": {"RG": "No", "CG": "No", "PFF": 1, "PFP": 1, "FC": "FlowNone", "SP": "On", "FP": "FatSuppression"}, "SequenceName": "EPI_Multicenter_MvdB", "PulseSequenceDetails": "EPI_Multicenter_MvdB (E8)", "NonlinearGradientCorrection": "RectilinearTraversal", "NumberShots": 1, "ParallelReductionFactorInPlane": 1, "PartialFourier": [1, 1], "EffectiveEchoSpacing": 4e-06, "TotalReadoutTime": 0.000256, "EchoTime": 0.015, "SliceTiming": [0.0, 0.00011111111111111112, 0.00022222222222222223, 0.0003333333333333334, 0.00044444444444444447, 0.0005555555555555556, 0.0006666666666666668, 0.0007777777777777778, 0.0008888888888888889, 5.555555555555556e-05, 0.0001666666666666667, 0.0002777777777777778, 0.0003888888888888889, 0.0005, 0.0006111111111111111, 0.0007222222222222223, 0.0008333333333333334, 0.0009444444444444445], "SliceEncodingDirection": "k", "DwellTime": 0.000256, "FlipAngle": 53, "RepetitionTime": 1}