{"Manufacturer": "Bruker BioSpin MRI GmbH", "ManufacturersModelName": "BioSpec 94/20 AV3HD", "SoftwareVersion": "PV-7.0.0", "MagneticFieldStrength": 9.402640699585564, "ReceiveCoilName": "RF ARR 400 1H R.BR LIN RO AD", "ReceiveCoilActiveElements": "MULTICOIL", "MatrixCoilMode": "ParallelExperiment", "PulseSequenceType": "RARE.ppg", "ScanningSequence": "Bruker:RARE", "SequenceVariant": "Both", "ScanOptions": {"RG": "No", "CG": "No", "PFF": 1, "PFP": 1, "FC": "FlowNone", "SP": "On", "FP": "FatSuppression"}, "SequenceName": "T2_TurboRARE", "PulseSequenceDetails": "T2_TurboRARE (E6)", "NonlinearGradientCorrection": "RectilinearTraversal", "NumberShots": 1, "ParallelReductionFactorInPlane": 8, "PartialFourier": [1, 1], "EffectiveEchoSpacing": 3.749999999999995e-06, "TotalReadoutTime": 0.00047999999999999936, "EchoTime": 0.03, "SliceTiming": [0.0, 0.2777777777777778, 0.5555555555555556, 0.8333333333333334, 1.1111111111111112, 1.3888888888888888, 1.6666666666666667, 1.9444444444444446, 2.2222222222222223, 0.1388888888888889, 0.4166666666666667, 0.6944444444444444, 0.9722222222222223, 1.25, 1.527777777777778, 1.8055555555555556, 2.0833333333333335, 2.361111111111111], "SliceEncodingDirection": "k", "DwellTime": 0.003839999999999995, "FlipAngle": 180}