{"ManufacturersModelName": "BioSpec 70/30", "MagneticFieldStrength": 7.053687901290305, "GradientSetType": "S116", "CoilConfigName": "HWIDS_T12053V3_0056_T11483V3_0075", "MatrixCoilMode": "ParallelExperiment", "PulseSequenceType": "RARE.ppg", "ScanningSequence": "RARE (pvm)", "ScanOptions": {"RG": null, "CG": null, "PFF": null, "PFP": null, "FC": null, "SP": "On", "FP": null}, "SequenceName": "RARE_8_turbo_1mmTE32ms_23Aug2021", "PulseSequenceDetails": "RARE_8_turbo_1mmTE32ms_23Aug2021", "ParallelReductionFactorInPlane": 8, "EffectiveEchoSpacing": 2.5e-06, "TotalReadoutTime": 0.00032, "EchoTime": 0.032, "SliceTiming": [0.0, 0.2777777777777778, 0.5555555555555556, 0.8333333333333334, 1.1111111111111112, 1.3888888888888888, 1.6666666666666667, 1.9444444444444446, 2.2222222222222223, 0.1388888888888889, 0.4166666666666667, 0.6944444444444444, 0.9722222222222223, 1.25, 1.527777777777778, 1.8055555555555556, 2.0833333333333335, 2.361111111111111], "DwellTime": 0.00256, "FlipAngle": 172.683250250139}