{"Manufacturer": "Bruker BioSpin MRI GmbH", "ManufacturersModelName": "BioSpec 47/40", "SoftwareVersion": "PV-7.0.0", "MagneticFieldStrength": 4.703619252723811, "ReceiveCoilName": "RF ARR 200 1H R.BR LIN RO AD", "ReceiveCoilActiveElements": "MULTICOIL", "MatrixCoilMode": "ParallelExperiment", "PulseSequenceType": "EPI.ppg", "ScanningSequence": "Bruker:EPI", "SequenceVariant": "Both", "ScanOptions": {"RG": "No", "CG": "No", "PFF": 1, "PFP": 1, "FC": "FlowNone", "SP": "Off", "FP": "NoSuppression"}, "SequenceName": "07_EPI_22sl_axial_1ACQ_woFatSup_woDummy_RS", "PulseSequenceDetails": "06_EPI_18sl_axial_1ACQ_woFatSup_woDummy_RS (E12)", "NonlinearGradientCorrection": "RectilinearTraversal", "NumberShots": 1, "ParallelReductionFactorInPlane": 1, "PartialFourier": [1, 1], "EffectiveEchoSpacing": 1e-05, "TotalReadoutTime": 0.00064, "EchoTime": 0.025, "SliceTiming": [0.0, 0.00011111111111111112, 0.00022222222222222223, 0.0003333333333333334, 0.00044444444444444447, 0.0005555555555555556, 0.0006666666666666668, 0.0007777777777777778, 0.0008888888888888889, 5.555555555555556e-05, 0.0001666666666666667, 0.0002777777777777778, 0.0003888888888888889, 0.0005, 0.0006111111111111111, 0.0007222222222222223, 0.0008333333333333334, 0.0009444444444444445], "SliceEncodingDirection": "k", "DwellTime": 0.00064, "FlipAngle": 61, "NumberOfVolumesDiscardedByScanner": 10, "CogAtlasID": "https://www.cognitiveatlas.org/fillYourID", "CogPOID": "http://www.cogpo.org/fillYourID", "RepetitionTime": 1}