{"Manufacturer": "Bruker BioSpin MRI GmbH", "ManufacturersModelName": "Biospec 172/25", "SoftwareVersion": "6.0.1", "MagneticFieldStrength": 17.150756890062475, "MatrixCoilMode": "SingleExperiment", "PulseSequenceType": "EPI.ppg", "ScanningSequence": "Bruker:EPI", "SequenceVariant": "Both", "ScanOptions": {"RG": "No", "CG": "No", "PFF": 1, "PFP": 1.2, "FC": "FlowNone", "SP": "Off", "FP": "FatSuppression"}, "SequenceName": "BOLDfMRI_9ms", "PulseSequenceDetails": "BOLDfMRI_9ms (E12)", "NonlinearGradientCorrection": "RectilinearTraversal", "NumberShots": 1, "ParallelReductionFactorInPlane": 1, "PartialFourier": [1, 1.2], "EffectiveEchoSpacing": 4.025157232704403e-06, "TotalReadoutTime": 0.00021333333333333333, "EchoTime": 0.009, "SliceTiming": [0.0, 0.00011111111111111112, 0.00022222222222222223, 0.0003333333333333334, 0.00044444444444444447, 0.0005555555555555556, 0.0006666666666666668, 0.0007777777777777778, 0.0008888888888888889, 5.555555555555556e-05, 0.0001666666666666667, 0.0002777777777777778, 0.0003888888888888889, 0.0005, 0.0006111111111111111, 0.0007222222222222223, 0.0008333333333333334, 0.0009444444444444445], "SliceEncodingDirection": "k", "DwellTime": 0.00021333333333333333, "FlipAngle": 50, "NumberOfVolumesDiscardedByScanner": 10, "CogAtlasID": "https://www.cognitiveatlas.org/fillYourID", "CogPOID": "http://www.cogpo.org/fillYourID", "RepetitionTime": 1}