{"Modality": "MR", "MagneticFieldStrength": 7.05568, "ImagingFrequency": 300.423, "Manufacturer": "Siemens", "ManufacturersModelName": "ClinScan", "PatientPosition": "HFS", "SoftwareVersions": "syngo MR B15", "MRAcquisitionType": "2D", "SeriesDescription": "t2_tse_tra", "ProtocolName": "t2_tse_tra", "ScanningSequence": "SE", "SequenceVariant": "SK\\SP\\OSP", "ScanOptions": "SAT1\\FS", "SequenceName": "tseR2d1_7", "ImageType": ["ORIGINAL", "PRIMARY", "M", "ND"], "SeriesNumber": 3, "AcquisitionTime": "11:12:54.857500", "AcquisitionNumber": 1, "SliceThickness": 1, "SpacingBetweenSlices": 1.1, "EchoTime": 0.025, "RepetitionTime": 2.65, "FlipAngle": 180, "PartialFourier": 1, "BaseResolution": 128, "ShimSetting": [61, 6, 151, -22, -6, 0, -21, 5], "TxRefAmp": 44.8138, "PhaseResolution": 1, "ReceiveCoilName": "Rat_Br_2x2", "CoilString": "C:RB1-4", "PulseSequenceDetails": "%SiemensSeq%\\tse", "PercentPhaseFOV": 100, "PercentSampling": 100, "EchoTrainLength": 7, "PhaseEncodingSteps": 133, "AcquisitionMatrixPE": 128, "ReconMatrixPE": 128, "PixelBandwidth": 130, "DwellTime": 3e-05, "SliceTiming": [1.32812, 0, 1.47656, 0.14062, 1.625, 0.28906, 1.76562, 0.4375, 1.91406, 0.58594, 2.0625, 0.73438, 2.21094, 0.88281, 2.35938, 1.03125, 2.50781, 1.17969], "ImageOrientationPatientDICOM": [1, 0, 0, 0, 0.997185, 0.0749787], "InPlanePhaseEncodingDirectionDICOM": "COL", "ConversionSoftware": "dcm2niix", "ConversionSoftwareVersion": "v1.0.20201102"}