{"Modality": "MR", "MagneticFieldStrength": 7.05568, "ImagingFrequency": 300.423, "Manufacturer": "Siemens", "ManufacturersModelName": "ClinScan", "PatientPosition": "HFS", "SoftwareVersions": "syngo MR B15", "MRAcquisitionType": "2D", "SeriesDescription": "ep2d_fid_1000scans", "ProtocolName": "ep2d_fid_1000scans", "ScanningSequence": "EP", "SequenceVariant": "SK", "ScanOptions": "SAT1\\FS", "SequenceName": "epfid2d1_64", "ImageType": ["ORIGINAL", "PRIMARY", "M", "ND"], "SeriesNumber": 6, "AcquisitionTime": "13:34:19.340000", "AcquisitionNumber": 1, "SliceThickness": 1, "SpacingBetweenSlices": 1.1, "EchoTime": 0.017, "FlipAngle": 55, "PartialFourier": 1, "BaseResolution": 64, "ShimSetting": [-60, 436, 787, -410, 16, 176, -152, -42], "TxRefAmp": 37.9676, "PhaseResolution": 1, "ReceiveCoilName": "Rat_Br_2x2", "CoilString": "C:RB1-4", "PulseSequenceDetails": "%SiemensSeq%\\ep2d_fid", "PercentPhaseFOV": 100, "PercentSampling": 100, "PhaseEncodingSteps": 64, "AcquisitionMatrixPE": 64, "ReconMatrixPE": 64, "BandwidthPerPixelPhaseEncode": 45.956, "EffectiveEchoSpacing": 0.000339999, "DerivedVendorReportedEchoSpacing": 0.000339999, "TotalReadoutTime": 0.0214199, "PixelBandwidth": 3395, "DwellTime": 2.3e-06, "SliceTiming": [0.5, 0, 0.54688, 0.04688, 0.60938, 0.10938, 0.65625, 0.15625, 0.71875, 0.21875, 0.78125, 0.28125, 0.82812, 0.32812, 0.89062, 0.39062, 0.9375, 0.4375], "ImageOrientationPatientDICOM": [1, -2e-16, 0, 2e-16, 0.990748, 0.135716], "InPlanePhaseEncodingDirectionDICOM": "COL", "ConversionSoftware": "dcm2niix", "ConversionSoftwareVersion": "v1.0.20201102", "RepetitionTime": 1}