{"ManufacturersModelName": "BioSpec94/21", "SoftwareVersion": 5.1, "MagneticFieldStrength": 9.402240596275272, "GradientSetType": "S116", "CoilConfigName": "HWIDS_T10325V3_0035_T116468_0033", "MatrixCoilMode": "SingleExperiment", "PulseSequenceType": "RARE.ppg", "ScanningSequence": "RARE (pvm)", "ScanOptions": {"RG": null, "CG": null, "PFF": null, "PFP": null, "FC": null, "SP": "On", "FP": null}, "SequenceName": "multirat_TurboRARE", "PulseSequenceDetails": "multirat_TurboRARE", "ParallelReductionFactorInPlane": 8, "EffectiveEchoSpacing": 5e-07, "TotalReadoutTime": 6.4e-05, "EchoTime": 0.03, "SliceTiming": [0.0, 0.2777777777777778, 0.5555555555555556, 0.8333333333333334, 1.1111111111111112, 1.3888888888888888, 1.6666666666666667, 1.9444444444444446, 2.2222222222222223, 0.1388888888888889, 0.4166666666666667, 0.6944444444444444, 0.9722222222222223, 1.25, 1.527777777777778, 1.8055555555555556, 2.0833333333333335, 2.361111111111111], "DwellTime": 0.000512, "FlipAngle": 180}