{"Markings": "7", "Age": "9-10weeks", "Weight": 188.5, "Sex": "female", "Date": "20211122", "Scanner": "9.4T", "Dataset": "s_2021112203", "Workprotocol": "5005_1_04", "Modality": "MR", "MagneticFieldStrength": "9.4T", "ImagingFrequency": 400.0634536, "ScanningSequence": "isimsgeepi2Dmultirat", "ProtocolName": "multirat_rsfMRI", "AcquisitionTimeStart": "20211122T155042", "AcquisitionTimeFinish": "20211122T160732", "AcquisitionTimeRun": "", "SliceThickness": 1, "SlicePosition": [-0.999, -0.779, -0.559, -0.339, -0.119, 0.101, 0.321, 0.541, 0.761, -0.889, -0.669, -0.449, -0.229, -0.009, 0.211, 0.431, 0.651, 0.871], "EchoTime": 0.015, "EchoTrainLength": 1, "FlipAngle": 53, "CoilString": "helmholtzhb", "FOVread": 2.56, "FOVphase": 2.56, "NrReadPoints": 6744, "PhaseEncodingSteps": 0, "NumberOfImages": 1000, "Bandwidth": 250000, "ImageOrientation": "trans90", "TotalReadOutTimeEPI": 0.026976, "TimeToEchoEPI": 0.013814, "GradientPattern": "205_ss256_256fov250ax90a64_64l_RO", "RepetitionTime": 1}