{"Markings": "12", "Age": "10-11weeks", "Weight": 203.3, "Sex": "female", "Date": "20211129", "Scanner": "9.4T", "Dataset": "s_2021112901", "Workprotocol": "5005_1_04", "Modality": "MR", "MagneticFieldStrength": "9.4T", "ImagingFrequency": 400.0634536, "ScanningSequence": "isimsgeepi2Dmultirat", "ProtocolName": "multirat_rsfMRI", "AcquisitionTimeStart": "20211129T135034", "AcquisitionTimeFinish": "20211129T140724", "AcquisitionTimeRun": "", "SliceThickness": 1, "SlicePosition": [-1.085, -0.865, -0.645, -0.425, -0.205, 0.015, 0.235, 0.455, 0.675, -0.975, -0.755, -0.535, -0.315, -0.095, 0.125, 0.345, 0.565, 0.785], "EchoTime": 0.015, "EchoTrainLength": 1, "FlipAngle": 53, "CoilString": "helmholtzhb", "FOVread": 2.56, "FOVphase": 2.56, "NrReadPoints": 6744, "PhaseEncodingSteps": 0, "NumberOfImages": 1000, "Bandwidth": 250000, "ImageOrientation": "trans90", "TotalReadOutTimeEPI": 0.026976, "TimeToEchoEPI": 0.013814, "GradientPattern": "205_ss256_256fov250ax90a64_64l_RO", "RepetitionTime": 1}