{"ManufacturersModelName": "Bio7T", "MagneticFieldStrength": 7.052438393114595, "GradientSetType": "S116", "CoilConfigName": "Default_Transceiver_1H_50W", "MatrixCoilMode": "SingleExperiment", "PulseSequenceType": "EPI.ppg", "ScanningSequence": "EPI (pvm)", "ScanOptions": {"RG": null, "CG": null, "PFF": null, "PFP": null, "FC": null, "SP": "On", "FP": null}, "SequenceName": "7-EPI_rsIRMf_rat_2022", "PulseSequenceDetails": "7-EPI_rsIRMf_rat_2022", "ParallelReductionFactorInPlane": 1, "EffectiveEchoSpacing": 4.600000000000004e-06, "TotalReadoutTime": 0.00029440000000000027, "EchoTime": 0.017, "SliceTiming": [0.0, 0.00011111111111111112, 0.00022222222222222223, 0.0003333333333333334, 0.00044444444444444447, 0.0005555555555555556, 0.0006666666666666668, 0.0007777777777777778, 0.0008888888888888889, 5.555555555555556e-05, 0.0001666666666666667, 0.0002777777777777778, 0.0003888888888888889, 0.0005, 0.0006111111111111111, 0.0007222222222222223, 0.0008333333333333334, 0.0009444444444444445], "DwellTime": 0.00029440000000000027, "FlipAngle": 55, "CogAtlasID": "https://www.cognitiveatlas.org/fillYourID", "CogPOID": "http://www.cogpo.org/fillYourID", "RepetitionTime": 1}