{"ManufacturersModelName": "Bio7T", "MagneticFieldStrength": 7.0524537699977214, "GradientSetType": "S116", "CoilConfigName": "Default_Transceiver_1H_50W", "MatrixCoilMode": "SingleExperiment", "PulseSequenceType": "RARE.ppg", "ScanningSequence": "RARE (pvm)", "ScanOptions": {"RG": null, "CG": null, "PFF": null, "PFP": null, "FC": null, "SP": "On", "FP": null}, "SequenceName": "4_T2_RARE_rat_rsIRMf", "PulseSequenceDetails": "4_T2_RARE_rat_rsIRMf", "ParallelReductionFactorInPlane": 8, "EffectiveEchoSpacing": 2.4750000000000004e-06, "TotalReadoutTime": 0.00031680000000000006, "EchoTime": 0.03, "SliceTiming": [0.0, 0.2777777777777778, 0.5555555555555556, 0.8333333333333334, 1.1111111111111112, 1.3888888888888888, 1.6666666666666667, 1.9444444444444446, 2.2222222222222223, 0.1388888888888889, 0.4166666666666667, 0.6944444444444444, 0.9722222222222223, 1.25, 1.527777777777778, 1.8055555555555556, 2.0833333333333335, 2.361111111111111], "DwellTime": 0.0025344000000000005, "FlipAngle": 180}