{"Manufacturer": "Bruker BioSpin MRI GmbH", "ManufacturersModelName": "BioSpec 70/16", "SoftwareVersion": "6.0.1", "MagneticFieldStrength": 7.054118325707747, "MatrixCoilMode": "ParallelExperiment", "PulseSequenceType": "RARE.ppg", "ScanningSequence": "Bruker:RARE", "SequenceVariant": "Both", "ScanOptions": {"RG": "No", "CG": "No", "PFF": 1, "PFP": 1, "FC": "FlowNone", "SP": "On", "FP": "FatSuppression"}, "SequenceName": "T2_TurboRARE", "PulseSequenceDetails": "T2_TurboRARE (E6)", "NonlinearGradientCorrection": "RectilinearTraversal", "NumberShots": 1, "ParallelReductionFactorInPlane": 8, "PartialFourier": [1, 1], "EffectiveEchoSpacing": 3.4666666666666685e-06, "TotalReadoutTime": 0.0008874666666666671, "EchoTime": 0.033, "SliceTiming": [0.0, 0.4680867724867723, 0.9361735449735445, 1.4042603174603168, 1.872347089947089, 2.340433862433861, 2.8085206349206335, 3.276607407407406, 3.744694179894178, 0.23404338624338614, 0.7021301587301584, 1.1702169312169306, 1.638303703703703, 2.1063904761904753, 2.5744772486772476, 3.04256402116402, 3.5106507936507922, 3.978737566137564], "SliceEncodingDirection": "k", "DwellTime": 0.007099733333333337, "FlipAngle": 90}