{"Markings": "10", "Age": "9-10weeks", "Weight": 177.6, "Sex": "female", "Date": "20211123", "Scanner": "9.4T", "Dataset": "s_2021112302", "Workprotocol": "5005_1_04", "Modality": "MR", "MagneticFieldStrength": "9.4T", "ImagingFrequency": 400.0634536, "ScanningSequence": "isimsgeepi2Dmultirat", "ProtocolName": "multirat_rsfMRI", "AcquisitionTimeStart": "20211123T124540", "AcquisitionTimeFinish": "20211123T130230", "AcquisitionTimeRun": "", "SliceThickness": 1, "SlicePosition": [-0.953, -0.733, -0.513, -0.293, -0.073, 0.147, 0.367, 0.587, 0.807, -0.843, -0.623, -0.403, -0.183, 0.037, 0.257, 0.477, 0.697, 0.917], "EchoTime": 0.015, "EchoTrainLength": 1, "FlipAngle": 53, "CoilString": "helmholtzhb", "FOVread": 2.56, "FOVphase": 2.56, "NrReadPoints": 6744, "PhaseEncodingSteps": 0, "NumberOfImages": 1000, "Bandwidth": 250000, "ImageOrientation": "trans90", "TotalReadOutTimeEPI": 0.026976, "TimeToEchoEPI": 0.013814, "GradientPattern": "205_ss256_256fov250ax90a64_64l_RO", "RepetitionTime": 1}