{"Manufacturer": "Bruker BioSpin MRI GmbH", "ManufacturersModelName": "BAP94/31", "SoftwareVersion": "PV-360.3.1", "MagneticFieldStrength": 9.403012051595429, "ReceiveCoilName": "RF ARR 400 1H R.BR LIN RO AD", "ReceiveCoilActiveElements": "MULTICOIL", "MatrixCoilMode": "SingleExperiment", "PulseSequenceType": "EPI.ppg", "ScanningSequence": "Bruker:EPI", "SequenceVariant": "Both", "ScanOptions": {"RG": "No", "CG": "No", "PFF": 1, "PFP": 1.2075471698, "FC": "FlowNone", "SP": "On", "FP": "FatSuppression"}, "SequenceName": "T2star_FID_EPI", "PulseSequenceDetails": "Std_Rat_EPI (E8)", "NonlinearGradientCorrection": "RectilinearTraversal", "NumberShots": 1, "ParallelReductionFactorInPlane": 1, "PartialFourier": [1, 1.2075471698], "EffectiveEchoSpacing": 4.830188679245283e-06, "TotalReadoutTime": 0.000256, "EchoTime": 0.015, "SliceTiming": [0.0, 9.259259259259259e-05, 0.00018518518518518518, 0.0002777777777777778, 0.00037037037037037035, 0.0004629629629629629, 0.0005555555555555556, 0.0006481481481481481, 0.0007407407407407407, 4.6296296296296294e-05, 0.0001388888888888889, 0.00023148148148148146, 0.00032407407407407406, 0.00041666666666666664, 0.0005092592592592592, 0.0006018518518518518, 0.0006944444444444444, 0.000787037037037037], "SliceEncodingDirection": "k", "DwellTime": 0.000256, "FlipAngle": 53, "NumberOfVolumesDiscardedByScanner": 10, "CogAtlasID": "https://www.cognitiveatlas.org/fillYourID", "CogPOID": "http://www.cogpo.org/fillYourID", "RepetitionTime": 1}