{"Markings": "9", "Age": "9-10weeks", "Weight": 219, "Sex": "female", "Date": "20211123", "Scanner": "9.4T", "Dataset": "s_2021112301", "Workprotocol": "5005_1_04", "Modality": "MR", "MagneticFieldStrength": "9.4T", "ImagingFrequency": 400.0634536, "ScanningSequence": "isimsgeepi2Dmultirat", "ProtocolName": "multirat_rsfMRI", "AcquisitionTimeStart": "20211123T104216", "AcquisitionTimeFinish": "20211123T105906", "AcquisitionTimeRun": "", "SliceThickness": 1, "SlicePosition": [-0.926, -0.706, -0.486, -0.266, -0.046, 0.174, 0.394, 0.614, 0.834, -0.816, -0.596, -0.376, -0.156, 0.064, 0.284, 0.504, 0.724, 0.944], "EchoTime": 0.015, "EchoTrainLength": 1, "FlipAngle": 53, "CoilString": "helmholtzhb", "FOVread": 2.56, "FOVphase": 2.56, "NrReadPoints": 6744, "PhaseEncodingSteps": 0, "NumberOfImages": 1000, "Bandwidth": 250000, "ImageOrientation": "trans90", "TotalReadOutTimeEPI": 0.026976, "TimeToEchoEPI": 0.013814, "GradientPattern": "205_ss256_256fov250ax90a64_64l_RO", "RepetitionTime": 1}