{"Modality": "MR", "MagneticFieldStrength": 7.05568, "ImagingFrequency": 300.423, "Manufacturer": "Siemens", "ManufacturersModelName": "ClinScan", "PatientPosition": "HFS", "SoftwareVersions": "syngo MR B15", "MRAcquisitionType": "2D", "SeriesDescription": "ep2d_fid_1000scans", "ProtocolName": "ep2d_fid_1000scans", "ScanningSequence": "EP", "SequenceVariant": "SK", "ScanOptions": "SAT1\\FS", "SequenceName": "epfid2d1_64", "ImageType": ["ORIGINAL", "PRIMARY", "M", "ND"], "SeriesNumber": 6, "AcquisitionTime": "11:47:12.350000", "AcquisitionNumber": 1, "SliceThickness": 1, "SpacingBetweenSlices": 1.1, "EchoTime": 0.017, "FlipAngle": 55, "PartialFourier": 1, "BaseResolution": 64, "ShimSetting": [36, -244, 246, -369, -51, -99, -223, 42], "TxRefAmp": 44.8138, "PhaseResolution": 1, "ReceiveCoilName": "Rat_Br_2x2", "CoilString": "C:RB1-4", "PulseSequenceDetails": "%SiemensSeq%\\ep2d_fid", "PercentPhaseFOV": 100, "PercentSampling": 100, "PhaseEncodingSteps": 64, "AcquisitionMatrixPE": 64, "ReconMatrixPE": 64, "BandwidthPerPixelPhaseEncode": 45.956, "EffectiveEchoSpacing": 0.000339999, "DerivedVendorReportedEchoSpacing": 0.000339999, "TotalReadoutTime": 0.0214199, "PixelBandwidth": 3395, "DwellTime": 2.3e-06, "SliceTiming": [0.50781, 0, 0.5625, 0.0625, 0.61719, 0.11719, 0.67188, 0.17188, 0.72656, 0.22656, 0.78125, 0.28125, 0.83594, 0.33594, 0.89844, 0.39062, 0.95312, 0.44531], "ImageOrientationPatientDICOM": [1, 0, 0, 0, 0.997185, 0.0749787], "InPlanePhaseEncodingDirectionDICOM": "COL", "ConversionSoftware": "dcm2niix", "ConversionSoftwareVersion": "v1.0.20201102", "RepetitionTime": 1}